GEM
  remote: https://rubygems.org/
  specs:
    coderay (1.1.1)
    dotenv (2.1.1)
    method_source (0.8.2)
    mini_portile2 (2.1.0)
    nokogiri (1.6.8)
      mini_portile2 (~> 2.1.0)
      pkg-config (~> 1.1.7)
    pkg-config (1.1.7)
    pry (0.10.4)
      coderay (~> 1.1.0)
      method_source (~> 0.8.1)
      slop (~> 3.4)
    rake (11.3.0)
    slop (3.6.0)
    the_community_farm (0.1.0)
      nokogiri (~> 1.6)

PLATFORMS
  ruby

DEPENDENCIES
  dotenv
  pry
  rake
  the_community_farm

RUBY VERSION
   ruby 2.3.1p112

BUNDLED WITH
   1.13.2
